GEM
  remote: https://rubygems.org/
  specs:
    racc (1.6.0)

PLATFORMS
  x86_64-linux

DEPENDENCIES
  racc

BUNDLED WITH
   2.2.32
